GEM
  remote: https://rubygems.org/
  specs:
    haml (5.0.4)
      temple (>= 0.8.0)
      tilt
    rake (12.3.0)
    temple (0.8.0)
    tilt (2.0.8)

PLATFORMS
  ruby

DEPENDENCIES
  haml
  rake

BUNDLED WITH
   1.16.1
